GEM
  remote: https://rubygems.org/
  specs:
    rake (13.0.6)
    rspec (3.10.0)
      rspec-core (~> 3.10)
    rspec-core (3.10.1)

PLATFORMS
  ruby

DEPENDENCIES
  rake
  rspec

BUNDLED WITH
   2.4.10
